GEM
  remote: https://rubygems.org/
  specs:
    coderay (1.1.2)
    method_source (0.9.2)
    pry (0.12.2)
      coderay (~> 1.1.0)
      method_source (~> 0.9.0)
    rack (2.2.6.2)
    rgeo (2.1.1)
    rgeo-geojson (2.1.1)
      rgeo (>= 1.0.0)

PLATFORMS
  ruby

DEPENDENCIES
  pry (~> 0.12.2)
  rack
  rgeo
  rgeo-geojson

BUNDLED WITH
   1.17.2
